GEM
  remote: http://rubygems.org/
  specs:
    addressable (2.2.8)
    bson (1.8.3)
    bson_ext (1.8.3)
      bson (~> 1.8.3)
    builder (3.2.0)
    childprocess (0.3.2)
      ffi (~> 1.0.6)
    cmdparse (2.0.5)
    cucumber (1.3.1)
      builder (>= 2.1.2)
      diff-lcs (>= 1.1.3)
      gherkin (~> 2.12.0)
      multi_json (~> 1.3)
    diff-lcs (1.1.3)
    ffi (1.0.11)
    gherkin (2.12.0)
      multi_json (~> 1.3)
    highline (1.6.18)
    json (1.7.7)
    libwebsocket (0.1.3)
      addressable
    mime-types (1.21)
    mongo (1.8.3)
      bson (~> 1.8.3)
    multi_json (1.3.6)
    net-http-persistent (2.8)
    net-ssh (2.6.7)
    net-ssh-gateway (1.2.0)
      net-ssh (>= 2.6.5)
    parallel (0.6.5)
    parallel_tests (0.13.3)
      parallel
    rest-client (1.6.7)
      mime-types (>= 1.16)
    rspec (2.10.0)
      rspec-core (~> 2.10.0)
      rspec-expectations (~> 2.10.0)
      rspec-mocks (~> 2.10.0)
    rspec-core (2.10.1)
    rspec-expectations (2.10.0)
      diff-lcs (~> 1.1.3)
    rspec-mocks (2.10.1)
    rubyzip (0.9.8)
    sauce (2.5.2)
      childprocess (>= 0.1.6)
      cmdparse (>= 2.0.2)
      highline (>= 1.5.0)
      json (>= 1.2.0)
      net-http-persistent
      net-ssh
      net-ssh-gateway
      rest-client
      sauce_whisk (= 0.0.3)
      selenium-webdriver (>= 0.1.2)
    sauce_whisk (0.0.3)
      rest-client
    selenium-webdriver (2.22.2)
      childprocess (>= 0.2.5)
      ffi (~> 1.0)
      libwebsocket (~> 0.1.3)
      multi_json (~> 1.0)
      rubyzip

PLATFORMS
  ruby

DEPENDENCIES
  bson_ext
  cucumber
  json
  mongo
  parallel
  parallel_tests
  rspec
  sauce
  sauce_whisk
  selenium-webdriver
